GEM
  remote: https://rubygems.org/
  specs:
    commander-openflighthpc (2.0.1)
      highline (~> 1.7.2)
      paint (~> 2.1.0)
    equatable (0.6.1)
    faraday (0.17.3)
      multipart-post (>= 1.2, < 3)
    faraday_middleware (0.14.0)
      faraday (>= 0.7.4, < 1.0)
    hashie (4.1.0)
    highline (1.7.10)
    multipart-post (2.1.1)
    necromancer (0.6.0)
    paint (2.1.1)
    pastel (0.7.3)
      equatable (~> 0.6)
      tty-color (~> 0.5)
    simple_jsonapi_client (0.2.4)
      faraday (~> 0.12)
      faraday_middleware (~> 0.11)
    strings (0.1.8)
      strings-ansi (~> 0.1)
      unicode-display_width (~> 1.5)
      unicode_utils (~> 1.4)
    strings-ansi (0.2.0)
    tty-color (0.5.1)
    tty-screen (0.7.1)
    tty-table (0.11.0)
      equatable (~> 0.6)
      necromancer (~> 0.5)
      pastel (~> 0.7.2)
      strings (~> 0.1.5)
      tty-screen (~> 0.7)
    unicode-display_width (1.7.0)
    unicode_utils (1.4.0)

PLATFORMS
  ruby

DEPENDENCIES
  commander-openflighthpc (> 2)
  hashie
  simple_jsonapi_client
  tty-table

BUNDLED WITH
   1.17.3
