GEM
  remote: https://rubygems.org/
  specs:
    commander-openflighthpc (2.0.1)
      highline (~> 1.7.2)
      paint (~> 2.1.0)
    faraday (0.17.3)
      multipart-post (>= 1.2, < 3)
    faraday_middleware (0.14.0)
      faraday (>= 0.7.4, < 1.0)
    hashie (4.1.0)
    highline (1.7.10)
    multipart-post (2.1.1)
    paint (2.1.1)
    simple_jsonapi_client (0.2.4)
      faraday (~> 0.12)
      faraday_middleware (~> 0.11)

PLATFORMS
  ruby

DEPENDENCIES
  commander-openflighthpc (> 2)
  hashie
  simple_jsonapi_client

BUNDLED WITH
   1.17.3
